GIT
  remote: https://github.com/samvera-labs/bulkrax.git
  revision: b689afa637142437d802d2c137fcf2386bcb21c7
  ref: b689afa
  specs:
    bulkrax (5.4.1)
      bagit (~> 0.4)
      coderay
      dry-monads (~> 1.4.0)
      iso8601 (~> 0.9.0)
      kaminari
      language_list (~> 1.2, >= 1.2.1)
      libxml-ruby (~> 3.2.4)
      loofah (>= 2.2.3)
      oai (>= 0.4, < 2.x)
      rack (>= 2.0.6)
      rails (>= 5.1.6)
      rdf (>= 2.0.2, < 4.0)
      rubyzip
      simple_form

GEM
  remote: https://rubygems.org/
  specs:
    actioncable (5.2.8.1)
      actionpack (= 5.2.8.1)
      nio4r (~> 2.0)
      websocket-driver (>= 0.6.1)
    actionmailer (5.2.8.1)
      actionpack (= 5.2.8.1)
      actionview (= 5.2.8.1)
      activejob (= 5.2.8.1)
      mail (~> 2.5, >= 2.5.4)
      rails-dom-testing (~> 2.0)
    actionpack (5.2.8.1)
      actionview (= 5.2.8.1)
      activesupport (= 5.2.8.1)
      rack (~> 2.0, >= 2.0.8)
      rack-test (>= 0.6.3)
      rails-dom-testing (~> 2.0)
      rails-html-sanitizer (~> 1.0, >= 1.0.2)
    actionview (5.2.8.1)
      activesupport (= 5.2.8.1)
      builder (~> 3.1)
      erubi (~> 1.4)
      rails-dom-testing (~> 2.0)
      rails-html-sanitizer (~> 1.0, >= 1.0.3)
    active-fedora (13.3.0)
      active-triples (>= 0.11.0, < 2.0.0)
      activemodel (>= 5.1)
      activesupport (>= 5.1)
      deprecation
      faraday (~> 0.12)
      faraday-encoding (>= 0.0.5)
      ldp (>= 0.7.0, < 2)
      rsolr (>= 1.1.2, < 3)
      ruby-progressbar (~> 1.0)
    active-triples (1.2.0)
      activemodel (>= 3.0.0)
      activesupport (>= 3.0.0)
      rdf (>= 2.0.2, < 4.0)
      rdf-vocab (>= 2.0, < 4.0)
    activejob (5.2.8.1)
      activesupport (= 5.2.8.1)
      globalid (>= 0.3.6)
    activemodel (5.2.8.1)
      activesupport (= 5.2.8.1)
    activerecord (5.2.8.1)
      activemodel (= 5.2.8.1)
      activesupport (= 5.2.8.1)
      arel (>= 9.0)
    activerecord-import (1.5.1)
      activerecord (>= 4.2)
    activestorage (5.2.8.1)
      actionpack (= 5.2.8.1)
      activerecord (= 5.2.8.1)
      marcel (~> 1.0.0)
    activesupport (5.2.8.1)
      concurrent-ruby (~> 1.0, >= 1.0.2)
      i18n (>= 0.7, < 2)
      minitest (~> 5.1)
      tzinfo (~> 1.1)
    arel (9.0.0)
    autoprefixer-rails (10.4.16.0)
      execjs (~> 2)
    bagit (0.4.6)
      docopt (~> 0.5.0)
      validatable (~> 1.6)
    bcrypt (3.1.20)
    bindex (0.8.1)
    blacklight (6.25.0)
      bootstrap-sass (~> 3.2)
      deprecation
      globalid
      jbuilder (~> 2.7)
      kaminari (>= 0.15)
      nokogiri (~> 1.6)
      rails (>= 4.2, < 6)
      rsolr (>= 1.0.6, < 3)
      twitter-typeahead-rails (= 0.11.1.pre.corejavascript)
    blacklight-access_controls (6.0.1)
      blacklight (> 6.0, < 8)
      cancancan (>= 1.8)
      deprecation (~> 1.0)
    blacklight_advanced_search (6.4.1)
      blacklight (~> 6.0, >= 6.0.1)
      parslet
    blacklight_oai_provider (6.1.1)
      blacklight (~> 6.0)
      oai (~> 1.0)
    blacklight_range_limit (7.0.1)
      blacklight
      jquery-rails
      rails (>= 3.0)
      tether-rails
    bootsnap (1.17.1)
      msgpack (~> 1.2)
    bootstrap-sass (3.4.1)
      autoprefixer-rails (>= 5.2.1)
      sassc (>= 2.0.0)
    builder (3.2.4)
    byebug (11.1.3)
    cancancan (3.5.0)
    childprocess (5.0.0)
    chronic (0.10.2)
    coderay (1.1.3)
    coffee-rails (4.2.2)
      coffee-script (>= 2.2.0)
      railties (>= 4.0.0)
    coffee-script (2.4.1)
      coffee-script-source
      execjs
    coffee-script-source (1.12.2)
    concurrent-ruby (1.2.3)
    connection_pool (2.4.1)
    crass (1.0.6)
    date (3.3.4)
    deprecation (1.1.0)
      activesupport
    devise (4.9.3)
      bcrypt (~> 3.0)
      orm_adapter (~> 0.1)
      railties (>= 4.1.0)
      responders
      warden (~> 1.2.3)
    devise-guests (0.8.2)
      devise
    diff-lcs (1.5.0)
    docopt (0.5.0)
    dry-core (0.9.1)
      concurrent-ruby (~> 1.0)
      zeitwerk (~> 2.6)
    dry-monads (1.4.0)
      concurrent-ruby (~> 1.0)
      dry-core (~> 0.7)
    ebnf (2.3.5)
      htmlentities (~> 4.3)
      rdf (~> 3.2)
      scanf (~> 1.0)
      sxp (~> 1.2)
      unicode-types (~> 1.8)
    erubi (1.12.0)
    et-orbi (1.2.7)
      tzinfo
    execjs (2.9.1)
    factory_bot (6.4.5)
      activesupport (>= 5.0.0)
    factory_bot_rails (6.4.3)
      factory_bot (~> 6.4)
      railties (>= 5.0.0)
    faraday (0.17.6)
      multipart-post (>= 1.2, < 3)
    faraday-encoding (0.0.5)
      faraday
    faraday_middleware (0.14.0)
      faraday (>= 0.7.4, < 1.0)
    fcrepo_wrapper (0.9.0)
      ruby-progressbar
    ffi (1.16.3)
    fugit (1.9.0)
      et-orbi (~> 1, >= 1.2.7)
      raabro (~> 1.4)
    geocoder (1.8.2)
    globalid (1.1.0)
      activesupport (>= 5.0)
    htmlentities (4.3.4)
    http_logger (0.7.0)
    hydra-access-controls (12.1.0)
      active-fedora (>= 10.0.0)
      activesupport (>= 5.2, < 7.1)
      blacklight-access_controls (~> 6.0)
      cancancan (>= 1.8, < 4)
      deprecation (~> 1.0)
    hydra-core (12.1.0)
      hydra-access-controls (= 12.1.0)
      railties (>= 5.2, < 7.1)
    hydra-head (12.1.0)
      hydra-access-controls (= 12.1.0)
      hydra-core (= 12.1.0)
      rails (>= 5.2, < 7.1)
    i18n (1.14.1)
      concurrent-ruby (~> 1.0)
    iso8601 (0.9.1)
    jbuilder (2.11.5)
      actionview (>= 5.0.0)
      activesupport (>= 5.0.0)
    jettywrapper (2.0.5)
      activesupport (>= 3.0.0)
      childprocess
      i18n
      rubyzip (~> 1.0)
    jquery-rails (4.6.0)
      rails-dom-testing (>= 1, < 3)
      railties (>= 4.2.0)
      thor (>= 0.14, < 2.0)
    json-canonicalization (0.4.0)
    json-ld (3.2.5)
      htmlentities (~> 4.3)
      json-canonicalization (~> 0.3, >= 0.3.2)
      link_header (~> 0.0, >= 0.0.8)
      multi_json (~> 1.15)
      rack (>= 2.2, < 4)
      rdf (~> 3.2, >= 3.2.10)
    kaminari (1.2.2)
      activesupport (>= 4.1.0)
      kaminari-actionview (= 1.2.2)
      kaminari-activerecord (= 1.2.2)
      kaminari-core (= 1.2.2)
    kaminari-actionview (1.2.2)
      actionview
      kaminari-core (= 1.2.2)
    kaminari-activerecord (1.2.2)
      activerecord
      kaminari-core (= 1.2.2)
    kaminari-core (1.2.2)
    language_list (1.2.1)
    ldp (1.0.3)
      deprecation
      faraday
      http_logger
      json-ld
      rdf (>= 1.1)
      rdf-isomorphic
      rdf-turtle
      rdf-vocab (>= 0.8)
      slop
    ldpath (1.2.0)
      nokogiri (~> 1.8)
      parslet
      rdf (~> 3.0)
      rdf-vocab (~> 3.0)
    libxml-ruby (3.2.4)
    link_header (0.0.8)
    listen (3.8.0)
      rb-fsevent (~> 0.10, >= 0.10.3)
      rb-inotify (~> 0.9, >= 0.9.10)
    loofah (2.22.0)
      crass (~> 1.0.2)
      nokogiri (>= 1.12.0)
    mail (2.8.1)
      mini_mime (>= 0.1.1)
      net-imap
      net-pop
      net-smtp
    marcel (1.0.2)
    matrix (0.4.2)
    method_source (1.0.0)
    mini_magick (4.12.0)
    mini_mime (1.1.5)
    mini_portile2 (2.8.7)
    minitest (5.21.1)
    msgpack (1.7.2)
    multi_json (1.15.0)
    multipart-post (2.3.0)
    net-imap (0.4.9.1)
      date
      net-protocol
    net-pop (0.1.2)
      net-protocol
    net-protocol (0.2.2)
      timeout
    net-smtp (0.4.0.1)
      net-protocol
    nio4r (2.7.3)
    nokogiri (1.15.5)
      mini_portile2 (~> 2.8.2)
      racc (~> 1.4)
    nokogiri (1.15.5-x86_64-linux)
      racc (~> 1.4)
    oai (1.1.0)
      builder (>= 3.1.0)
      faraday
      faraday_middleware
    open-uri (0.4.1)
      stringio
      time
      uri
    orm_adapter (0.5.0)
    parslet (2.0.0)
    pg (1.5.4)
    puma (5.6.9)
      nio4r (~> 2.0)
    qa (5.11.0)
      activerecord-import
      deprecation
      faraday (< 3.0, != 2.0.0)
      geocoder
      ldpath
      nokogiri (~> 1.6)
      rails (>= 5.0, < 7.2)
      rdf
    raabro (1.4.0)
    racc (1.7.3)
    rack (2.2.8)
    rack-test (2.1.0)
      rack (>= 1.3)
    rails (5.2.8.1)
      actioncable (= 5.2.8.1)
      actionmailer (= 5.2.8.1)
      actionpack (= 5.2.8.1)
      actionview (= 5.2.8.1)
      activejob (= 5.2.8.1)
      activemodel (= 5.2.8.1)
      activerecord (= 5.2.8.1)
      activestorage (= 5.2.8.1)
      activesupport (= 5.2.8.1)
      bundler (>= 1.3.0)
      railties (= 5.2.8.1)
      sprockets-rails (>= 2.0.0)
    rails-dom-testing (2.2.0)
      activesupport (>= 5.0.0)
      minitest
      nokogiri (>= 1.6)
    rails-html-sanitizer (1.6.0)
      loofah (~> 2.21)
      nokogiri (~> 1.14)
    railties (5.2.8.1)
      actionpack (= 5.2.8.1)
      activesupport (= 5.2.8.1)
      method_source
      rake (>= 0.8.7)
      thor (>= 0.19.0, < 2.0)
    rake (12.3.3)
    rb-fsevent (0.11.2)
    rb-inotify (0.10.1)
      ffi (~> 1.0)
    rdf (3.2.11)
      link_header (~> 0.0, >= 0.0.8)
    rdf-isomorphic (3.2.1)
      rdf (~> 3.2)
    rdf-turtle (3.2.1)
      ebnf (~> 2.3)
      rdf (~> 3.2)
    rdf-vocab (3.2.7)
      rdf (~> 3.2, >= 3.2.4)
    redis (4.8.1)
    responders (3.1.1)
      actionpack (>= 5.2)
      railties (>= 5.2)
    retriable (3.1.2)
    rexml (3.2.6)
    rsolr (2.5.0)
      builder (>= 2.1.2)
      faraday (>= 0.9, < 3, != 2.0.0)
    rspec-core (3.12.2)
      rspec-support (~> 3.12.0)
    rspec-expectations (3.12.3)
      diff-lcs (>= 1.2.0, < 2.0)
      rspec-support (~> 3.12.0)
    rspec-mocks (3.12.6)
      diff-lcs (>= 1.2.0, < 2.0)
      rspec-support (~> 3.12.0)
    rspec-rails (5.1.2)
      actionpack (>= 5.2)
      activesupport (>= 5.2)
      railties (>= 5.2)
      rspec-core (~> 3.10)
      rspec-expectations (~> 3.10)
      rspec-mocks (~> 3.10)
      rspec-support (~> 3.10)
    rspec-support (3.12.1)
    ruby-progressbar (1.13.0)
    rubyzip (1.3.0)
    sassc (2.4.0)
      ffi (~> 1.9)
    sassc-rails (2.1.2)
      railties (>= 4.0.0)
      sassc (>= 2.0)
      sprockets (> 3.0)
      sprockets-rails
      tilt
    scanf (1.0.0)
    sidekiq (6.5.12)
      connection_pool (>= 2.2.5, < 3)
      rack (~> 2.0)
      redis (>= 4.5.0, < 5)
    sidekiq-cron (1.12.0)
      fugit (~> 1.8)
      globalid (>= 1.0.1)
      sidekiq (>= 6)
    sidekiq-failures (1.0.4)
      sidekiq (>= 4.0.0)
    simple_form (5.3.0)
      actionpack (>= 5.2)
      activemodel (>= 5.2)
    slop (4.10.1)
    solr_wrapper (2.2.0)
      faraday
      retriable
      ruby-progressbar
      rubyzip
    solrizer (4.1.0)
      activesupport
      nokogiri
      xml-simple
    spring (3.1.1)
    sprockets (4.2.1)
      concurrent-ruby (~> 1.0)
      rack (>= 2.2.4, < 4)
    sprockets-rails (3.4.2)
      actionpack (>= 5.2)
      activesupport (>= 5.2)
      sprockets (>= 3.0.0)
    stringio (3.1.0)
    sxp (1.2.4)
      matrix (~> 0.4)
      rdf (~> 3.2)
    terser (1.1.20)
      execjs (>= 0.3.0, < 3)
    tether-rails (1.4.0)
      rails (>= 3.1)
    thor (1.3.0)
    thread_safe (0.3.6)
    tilt (2.3.0)
    time (0.3.0)
      date
    timeout (0.4.1)
    twitter-typeahead-rails (0.11.1.pre.corejavascript)
      actionpack (>= 3.1)
      jquery-rails
      railties (>= 3.1)
    tzinfo (1.2.11)
      thread_safe (~> 0.1)
    unicode-types (1.9.0)
    uri (0.13.0)
    validatable (1.6.7)
    warden (1.2.9)
      rack (>= 2.0.9)
    web-console (3.7.0)
      actionview (>= 5.0)
      activemodel (>= 5.0)
      bindex (>= 0.4.0)
      railties (>= 5.0)
    websocket-driver (0.7.6)
      websocket-extensions (>= 0.1.0)
    websocket-extensions (0.1.5)
    whenever (1.0.0)
      chronic (>= 0.6.3)
    xml-simple (1.1.9)
      rexml
    zeitwerk (2.6.12)

PLATFORMS
  ruby
  x86_64-linux

DEPENDENCIES
  active-fedora (~> 13.3.0)
  active-triples
  blacklight (~> 6.25.0)
  blacklight_advanced_search
  blacklight_oai_provider
  blacklight_range_limit
  bootsnap (>= 1.1.0)
  bulkrax!
  bundler
  byebug
  coffee-rails (~> 4.2)
  devise
  devise-guests (~> 0.5)
  factory_bot_rails
  fcrepo_wrapper (~> 0.4)
  hydra-head
  jbuilder (~> 2.5)
  jettywrapper
  jquery-rails
  ldp
  listen
  mini_magick
  nokogiri
  open-uri
  pg (>= 0.18, < 2.0)
  puma (~> 5.6, >= 5.6.9)
  qa
  rails (~> 5.2.8.1)
  rake (~> 12.3)
  redis (~> 4.0)
  rsolr
  rspec-rails
  sassc-rails (~> 2.1)
  sidekiq (< 7)
  sidekiq-cron
  sidekiq-failures
  solr_wrapper (~> 2.0)
  solrizer
  spring (< 4.0.0)
  terser (>= 1.0.0)
  web-console (~> 3.0)
  whenever

RUBY VERSION
   ruby 2.7.8p225

BUNDLED WITH
   2.4.20
